PATH
  remote: .
  specs:
    sidekiq-expiring-jobs (0.1.0)
      sidekiq (>= 6.0)

GEM
  remote: https://rubygems.org/
  specs:
    ast (2.4.2)
    concurrent-ruby (1.2.2)
    connection_pool (2.4.0)
    json (2.6.3)
    minitest (5.18.0)
    parallel (1.22.1)
    parser (3.2.2.0)
      ast (~> 2.4.1)
    rack (3.0.7)
    rainbow (3.1.1)
    rake (13.0.6)
    redis-client (0.14.1)
      connection_pool
    regexp_parser (2.7.0)
    rexml (3.2.5)
    rubocop (1.50.0)
      json (~> 2.3)
      parallel (~> 1.10)
      parser (>= 3.2.0.0)
      rainbow (>= 2.2.2, < 4.0)
      regexp_parser (>= 1.8, < 3.0)
      rexml (>= 3.2.5, < 4.0)
      rubocop-ast (>= 1.28.0, < 2.0)
      ruby-progressbar (~> 1.7)
      unicode-display_width (>= 2.4.0, < 3.0)
    rubocop-ast (1.28.0)
      parser (>= 3.2.1.0)
    rubocop-minitest (0.30.0)
      rubocop (>= 1.39, < 2.0)
    ruby-progressbar (1.13.0)
    sidekiq (7.0.8)
      concurrent-ruby (< 2)
      connection_pool (>= 2.3.0)
      rack (>= 2.2.4)
      redis-client (>= 0.11.0)
    unicode-display_width (2.4.2)

PLATFORMS
  x86_64-darwin-20
  x86_64-linux

DEPENDENCIES
  minitest (~> 5.0)
  rake (~> 13.0)
  rubocop (< 2)
  rubocop-minitest
  sidekiq
  sidekiq-expiring-jobs!

BUNDLED WITH
   2.4.7
